GEM
  remote: https://rubygems.org/
  specs:
    bubble-wrap (1.6.0)
      bubble-wrap-http (= 1.6.0)
    bubble-wrap-http (1.6.0)
    rake (10.2.2)

PLATFORMS
  ruby

DEPENDENCIES
  bubble-wrap
  rake
